GEM
  remote: http://rubygems.org/
  specs:
    activesupport (3.1.3)
      multi_json (~> 1.0)
    addressable (2.2.6)
    adsf (1.0.1)
      rack (>= 1.0.0)
    awesome_print (0.4.0)
    builder (3.0.0)
    chronic (0.6.6)
    cri (2.0.2)
    faraday (0.7.5)
      addressable (~> 2.2.6)
      multipart-post (~> 1.1.3)
      rack (>= 1.1.0, < 2)
    fast-stemmer (1.0.0)
    haml (3.1.2)
    less (2.0.7)
      therubyracer (~> 0.9.2)
    libv8 (3.3.10.4)
    mime-types (1.17.2)
    multi_json (1.0.3)
    multipart-post (1.1.4)
    nanoc (3.2.3)
      nanoc3 (>= 3.2.3)
    nanoc3 (3.2.3)
      cri (~> 2.0)
    nokogiri (1.5.0)
    pismo (0.7.2)
      awesome_print
      chronic
      fast-stemmer
      nokogiri
      sanitize
      shoulda
    rack (1.3.5)
    rainpress (1.0)
    sanitize (2.0.3)
      nokogiri (>= 1.4.4, < 1.6)
    shoulda (2.11.3)
    simple_oauth (0.1.5)
    therubyracer (0.9.9)
      libv8 (~> 3.3.10)
    twitter (2.0.0)
      activesupport (~> 3.0)
      faraday (~> 0.7)
      multi_json (~> 1.0)
      simple_oauth (~> 0.1)
      twitter-text (~> 1.4)
    twitter-text (1.4.13)
      activesupport

PLATFORMS
  ruby

DEPENDENCIES
  adsf
  builder
  haml
  less
  mime-types
  nanoc
  pismo
  rainpress
  twitter
