GEM
  remote: http://rubygems.org/
  specs:
    adsf (1.0.1)
      rack (>= 1.0.0)
    cri (2.0.2)
    haml (3.1.2)
    less (2.0.7)
      therubyracer (~> 0.9.2)
    libv8 (3.3.10.4)
    mime-types (1.17.2)
    nanoc (3.2.3)
      nanoc3 (>= 3.2.3)
    nanoc3 (3.2.3)
      cri (~> 2.0)
    rack (1.3.5)
    rainpress (1.0)
    therubyracer (0.9.9)
      libv8 (~> 3.3.10)

PLATFORMS
  ruby

DEPENDENCIES
  adsf
  haml
  less
  mime-types
  nanoc
  rainpress
